BrainVision Data Exchange Header File Version 1.0
; Data created by the BrainVision Recorder

[Common Infos]
Codepage=UTF-8
DataFile=s1_pandora_0114.1.eeg
MarkerFile=s1_pandora_0114.1.vmrk
DataFormat=BINARY
; Data orientation: MULTIPLEXED=ch1,pt1, ch2,pt1 ...
DataOrientation=MULTIPLEXED
NumberOfChannels=31
; Sampling interval in microseconds
SamplingInterval=2000

[Binary Infos]
BinaryFormat=IEEE_FLOAT_32

[Channel Infos]
; Each entry: Ch<Channel number>=<Name>,<Reference channel name>,
; <Resolution in "Unit">,<Unit>, Future extensions..
; Fields are delimited by commas, some fields might be omitted (empty).
; Commas in channel names are coded as "\1".
Ch1=VEOGlo,,0.0488281,µV
Ch2=VEOGro,,0.0488281,µV
Ch3=F3,,0.0488281,µV
Ch4=F4,,0.0488281,µV
Ch5=C3,,0.0488281,µV
Ch6=C4,,0.0488281,µV
Ch7=P3,,0.0488281,µV
Ch8=P4,,0.0488281,µV
Ch9=O1,,0.0488281,µV
Ch10=O2,,0.0488281,µV
Ch11=HEOGli,,0.0488281,µV
Ch12=HEOGre,,0.0488281,µV
Ch13=P7,,0.0488281,µV
Ch14=P8,,0.0488281,µV
Ch15=Fz,,0.0488281,µV
Ch16=FCz,,0.0488281,µV
Ch17=Cz,,0.0488281,µV
Ch18=CPz,,0.0488281,µV
Ch19=Pz,,0.0488281,µV
Ch20=POz,,0.0488281,µV
Ch21=FC1,,0.0488281,µV
Ch22=FC2,,0.0488281,µV
Ch23=CP1,,0.0488281,µV
Ch24=CP2,,0.0488281,µV
Ch25=FC5,,0.0488281,µV
Ch26=FC6,,0.0488281,µV
Ch27=CP5,,0.0488281,µV
Ch28=CP6,,0.0488281,µV
Ch29=VEOGlu,,0.0488281,µV
Ch30=VEOGru,,0.0488281,µV
Ch31=TP9,,0.0488281,µV

[Comment]

BrainVision Recorder Professional   -   V. 1.24.0001


A m p l i f i e r  S e t u p
============================
Number of channels: 31
Sampling Rate [Hz]: 500
Sampling Interval [µS]: 2000

Channels
--------
#     Name      Phys. Chn.    Resolution / Unit   Low Cutoff [s]   High Cutoff [Hz]   Notch [Hz]    Gradient         Offset
1     VEOGlo      1          0.0488281 µV             DC              140              Off
2     VEOGro      2          0.0488281 µV             DC              140              Off
3     F3          3          0.0488281 µV             DC              140              Off
4     F4          4          0.0488281 µV             DC              140              Off
5     C3          5          0.0488281 µV             DC              140              Off
6     C4          6          0.0488281 µV             DC              140              Off
7     P3          7          0.0488281 µV             DC              140              Off
8     P4          8          0.0488281 µV             DC              140              Off
9     O1          9          0.0488281 µV             DC              140              Off
10    O2          10         0.0488281 µV             DC              140              Off
11    HEOGli      11         0.0488281 µV             DC              140              Off
12    HEOGre      12         0.0488281 µV             DC              140              Off
13    P7          13         0.0488281 µV             DC              140              Off
14    P8          14         0.0488281 µV             DC              140              Off
15    Fz          15         0.0488281 µV             DC              140              Off
16    FCz         16         0.0488281 µV             DC              140              Off
17    Cz          17         0.0488281 µV             DC              140              Off
18    CPz         18         0.0488281 µV             DC              140              Off
19    Pz          19         0.0488281 µV             DC              140              Off
20    POz         20         0.0488281 µV             DC              140              Off
21    FC1         21         0.0488281 µV             DC              140              Off
22    FC2         22         0.0488281 µV             DC              140              Off
23    CP1         23         0.0488281 µV             DC              140              Off
24    CP2         24         0.0488281 µV             DC              140              Off
25    FC5         25         0.0488281 µV             DC              140              Off
26    FC6         26         0.0488281 µV             DC              140              Off
27    CP5         27         0.0488281 µV             DC              140              Off
28    CP6         28         0.0488281 µV             DC              140              Off
29    VEOGlu      29         0.0488281 µV             DC              140              Off
30    VEOGru      30         0.0488281 µV             DC              140              Off
31    TP9         31         0.0488281 µV             DC              140              Off

Reference Channel Name = TP10
Reference Phys. Chn.   = 32
Use active/dry Electrodes = No 
MY-Button Workspace    = C:\Vision\Workfiles\MYButton

Amplifier 
actiCHamp Base Unit (5002) 
  --- S/N 21010471 --- 
actiCHamp 32 CH Module
  --- Module 1 (5011): S/N 21010964 ---
Version: DLL_27.18.06.25, DRV_03.04.01.146, CTRL_104.18.06.25, FPGA_67.00.00.00, DSP_105.19.02.27 


S o f t w a r e  F i l t e r s
==============================
Disabled


Data/Gnd Electrodes Selected Impedance Measurement Range: 0 - 10 kOhm
Impedance [kOhm] at 12:34:18 :
VEOGlo:       1
VEOGro:       2
F3:           3
F4:           2
C3:           3
C4:           1
P3:           1
P4:           3
O1:           3
O2:           3
HEOGli:       4
HEOGre:       3
P7:           3
P8:           2
Fz:           2
FCz:          2
Cz:           3
CPz:          1
Pz:           1
POz:          3
FC1:          3
FC2:          4
CP1:          2
CP2:          2
FC5:          2
FC6:          2
CP5:          3
CP6:          2
VEOGlu:       3
VEOGru:       3
TP9:          1
TP10:         2
Gnd:          3
